GEM
  remote: https://rubygems.org/
  specs:
    ast (2.4.2)
    haml (5.2.2)
      temple (>= 0.8.0)
      tilt
    parallel (1.22.1)
    parser (3.1.2.0)
      ast (~> 2.4.1)
    prettier (3.1.2)
      syntax_tree (>= 2.3.1)
      syntax_tree-haml (>= 1.1.0)
      syntax_tree-rbs (>= 0.2.0)
    prettier_print (0.1.0)
    rainbow (3.1.1)
    rbs (2.5.0)
    regexp_parser (2.5.0)
    rexml (3.2.5)
    rubocop (1.30.1)
      parallel (~> 1.10)
      parser (>= 3.1.0.0)
      rainbow (>= 2.2.2, < 4.0)
      regexp_parser (>= 1.8, < 3.0)
      rexml (>= 3.2.5, < 4.0)
      rubocop-ast (>= 1.18.0, < 2.0)
      ruby-progressbar (~> 1.7)
      unicode-display_width (>= 1.4.0, < 3.0)
    rubocop-ast (1.18.0)
      parser (>= 3.1.1.0)
    rubocop-discourse (2.5.0)
      rubocop (>= 1.1.0)
      rubocop-rspec (>= 2.0.0)
    rubocop-rspec (2.11.1)
      rubocop (~> 1.19)
    ruby-progressbar (1.11.0)
    syntax_tree (2.7.1)
      prettier_print
    syntax_tree-haml (1.2.0)
      haml (>= 5.2)
      prettier_print
      syntax_tree (>= 2.0.1)
    syntax_tree-rbs (0.4.0)
      prettier_print
      rbs
      syntax_tree (>= 2.0.1)
    temple (0.8.2)
    tilt (2.0.10)
    unicode-display_width (2.1.0)
    yaml-lint (0.0.10)

PLATFORMS
  arm64-darwin-20
  ruby
  x86_64-darwin-18
  x86_64-darwin-19
  x86_64-darwin-20
  x86_64-linux

DEPENDENCIES
  prettier
  rubocop-discourse
  yaml-lint

BUNDLED WITH
   2.3.10
